GIT
  remote: https://github.com/delonnewman/shotgun.git
  revision: 600b3987db7f4774e2305247ff374327f1837857
  specs:
    shotgun (0.9.2)
      rack (>= 1.0)

GEM
  remote: https://rubygems.org/
  specs:
    coderay (1.1.3)
    csv (3.2.5)
    diff-lcs (1.5.0)
    dotenv (2.8.1)
    method_source (1.0.0)
    mustermann (3.0.0)
      ruby2_keywords (~> 0.0.1)
    nio4r (2.5.8)
    pry (0.14.1)
      coderay (~> 1.1)
      method_source (~> 1.0)
    puma (6.0.0)
      nio4r (~> 2.0)
    rack (2.2.4)
    rack-protection (3.0.2)
      rack
    rspec (3.11.0)
      rspec-core (~> 3.11.0)
      rspec-expectations (~> 3.11.0)
      rspec-mocks (~> 3.11.0)
    rspec-core (3.11.0)
      rspec-support (~> 3.11.0)
    rspec-expectations (3.11.1)
      diff-lcs (>= 1.2.0, < 2.0)
      rspec-support (~> 3.11.0)
    rspec-mocks (3.11.1)
      diff-lcs (>= 1.2.0, < 2.0)
      rspec-support (~> 3.11.0)
    rspec-support (3.11.1)
    ruby2_keywords (0.0.5)
    sinatra (3.0.2)
      mustermann (~> 3.0)
      rack (~> 2.2, >= 2.2.4)
      rack-protection (= 3.0.2)
      tilt (~> 2.0)
    tilt (2.0.11)

PLATFORMS
  x86_64-linux

DEPENDENCIES
  csv
  dotenv
  pry
  puma
  rspec
  shotgun!
  sinatra

RUBY VERSION
   ruby 3.0.0p0

BUNDLED WITH
   2.3.24
